GEM
  remote: https://rubygems.org/
  specs:
    cli-ui (2.3.0)

PLATFORMS
  ruby
  x86_64-linux

DEPENDENCIES
  cli-ui

BUNDLED WITH
   2.6.3
